GEM
  remote: http://rubygems.org/
  specs:
    Ascii85 (1.0.1)
    diff-lcs (1.1.3)
    linguistics (1.0.9)
    pdf-reader (0.10.1)
      Ascii85 (~> 1.0.0)
    pivotal_git_scripts (1.1.0)
    prawn (0.12.0)
      pdf-reader (>= 0.9.0)
      ttfunk (~> 1.0.2)
    rspec (2.7.0)
      rspec-core (~> 2.7.0)
      rspec-expectations (~> 2.7.0)
      rspec-mocks (~> 2.7.0)
    rspec-core (2.7.1)
    rspec-expectations (2.7.0)
      diff-lcs (~> 1.1.2)
    rspec-mocks (2.7.0)
    ttfunk (1.0.3)

PLATFORMS
  ruby

DEPENDENCIES
  linguistics
  pivotal_git_scripts
  prawn
  rspec
